GEM
  remote: https://rubygems.org/
  specs:
    actionmailer (4.2.0)
      actionpack (= 4.2.0)
      actionview (= 4.2.0)
      activejob (= 4.2.0)
      mail (~> 2.5, >= 2.5.4)
      rails-dom-testing (~> 1.0, >= 1.0.5)
    actionpack (4.2.0)
      actionview (= 4.2.0)
      activesupport (= 4.2.0)
      rack (~> 1.6.0)
      rack-test (~> 0.6.2)
      rails-dom-testing (~> 1.0, >= 1.0.5)
      rails-html-sanitizer (~> 1.0, >= 1.0.1)
    actionview (4.2.0)
      activesupport (= 4.2.0)
      builder (~> 3.1)
      erubis (~> 2.7.0)
      rails-dom-testing (~> 1.0, >= 1.0.5)
      rails-html-sanitizer (~> 1.0, >= 1.0.1)
    active-fedora (6.7.8)
      activesupport (>= 3.0.0)
      deprecation
      mediashelf-loggable
      nom-xml (>= 0.5.1)
      om (~> 3.0.0)
      rdf (~> 1.1.1.1)
      rdf-rdfxml (= 1.0.1)
      rsolr
      rubydora (~> 1.7.4)
    activejob (4.2.0)
      activesupport (= 4.2.0)
      globalid (>= 0.3.0)
    activemodel (4.2.0)
      activesupport (= 4.2.0)
      builder (~> 3.1)
    activerecord (4.2.0)
      activemodel (= 4.2.0)
      activesupport (= 4.2.0)
      arel (~> 6.0)
    activerecord-jdbc-adapter (1.3.20)
      activerecord (>= 2.2)
    activerecord-jdbcsqlite3-adapter (1.3.20)
      activerecord-jdbc-adapter (~> 1.3.20)
      jdbc-sqlite3 (>= 3.7.2, < 3.9)
    activesupport (4.2.0)
      i18n (~> 0.7)
      json (~> 1.7, >= 1.7.7)
      minitest (~> 5.1)
      thread_safe (~> 0.3, >= 0.3.4)
      tzinfo (~> 1.1)
    arel (6.0.3)
    ast (2.3.0)
    autoprefixer-rails (6.3.7)
      execjs
    bcrypt (3.1.11)
    bcrypt (3.1.11-java)
    blacklight (6.3.1)
      bootstrap-sass (~> 3.2)
      deprecation
      globalid
      kaminari (>= 0.15)
      nokogiri (~> 1.6)
      rails (>= 4.2, < 6)
      rsolr (~> 1.0, >= 1.0.6)
      twitter-typeahead-rails (~> 0.11)
    blacklight_range_limit (6.0.0)
      blacklight (>= 6.0.0.pre2, < 7)
      jquery-rails
      rails (>= 3.0, < 5.0)
    bootstrap-sass (3.3.6)
      autoprefixer-rails (>= 5.2.1)
      sass (>= 3.3.4)
    builder (3.2.2)
    childprocess (0.5.9)
      ffi (~> 1.0, >= 1.0.11)
    codesake-commons (1.0.0)
      mechanize
      nokogiri
      rainbow (~> 2.0.0)
    codesake-dawn (1.2.99)
      codesake-commons (~> 1.0.0)
      coveralls
      cvss
      grit
      haml
      justify
      parser
      ptools
      ruby_parser
      sys-uname
      terminal-table
    coffee-rails (4.2.1)
      coffee-script (>= 2.2.0)
      railties (>= 4.0.0, < 5.2.x)
    coffee-script (2.4.1)
      coffee-script-source
      execjs
    coffee-script-source (1.10.0)
    concurrent-ruby (1.0.2)
    concurrent-ruby (1.0.2-java)
    coveralls (0.8.14)
      json (>= 1.8, < 3)
      simplecov (~> 0.12.0)
      term-ansicolor (~> 1.3)
      thor (~> 0.19.1)
      tins (~> 1.6.0)
    cvss (0.99.0)
    daemons (1.2.3)
    deprecation (1.0.0)
      activesupport
    devise (4.2.0)
      bcrypt (~> 3.0)
      orm_adapter (~> 0.1)
      railties (>= 4.1.0, < 5.1)
      responders
      warden (~> 1.2.3)
    diff-lcs (1.2.5)
    docile (1.1.5)
    domain_name (0.5.20160615)
      unf (>= 0.0.5, < 1.0.0)
    equivalent-xml (0.6.0)
      nokogiri (>= 1.4.3)
    erubis (2.7.0)
    execjs (2.7.0)
    fastercsv (1.5.5)
    ffi (1.9.14)
    ffi (1.9.14-java)
    globalid (0.3.6)
      activesupport (>= 4.1.0)
    google-analytics-rails (1.1.0)
    grit (2.5.0)
      diff-lcs (~> 1.1)
      mime-types (~> 1.15)
      posix-spawn (~> 0.3.6)
    haml (4.0.7)
      tilt
    hooks (0.3.6)
      uber (~> 0.0.4)
    http-cookie (1.0.2)
      domain_name (~> 0.5)
    i18n (0.7.0)
    jdbc-sqlite3 (3.8.11.2)
    jettywrapper (2.0.3)
      activesupport (>= 3.0.0)
      childprocess
      i18n
      logger
      rubyzip
    jquery-rails (4.1.1)
      rails-dom-testing (>= 1, < 3)
      railties (>= 4.2.0)
      thor (>= 0.14, < 2.0)
    jruby-openssl (0.9.17-java)
    json (1.8.3)
    json (1.8.3-java)
    justify (1.0.2)
    kaminari (0.17.0)
      actionpack (>= 3.0.0)
      activesupport (>= 3.0.0)
    libv8 (3.16.14.15)
    logger (1.2.8)
    loofah (2.0.3)
      nokogiri (>= 1.5.9)
    mail (2.6.4)
      mime-types (>= 1.16, < 4)
    mechanize (2.7.4)
      domain_name (~> 0.5, >= 0.5.1)
      http-cookie (~> 1.0)
      mime-types (>= 1.17.2, < 3)
      net-http-digest_auth (~> 1.1, >= 1.1.1)
      net-http-persistent (~> 2.5, >= 2.5.2)
      nokogiri (~> 1.6)
      ntlm-http (~> 0.1, >= 0.1.1)
      webrobots (>= 0.0.9, < 0.2)
    mediashelf-loggable (0.4.10)
    mime-types (1.25.1)
    mini_portile2 (2.1.0)
    minitest (5.9.0)
    net-http-digest_auth (1.4)
    net-http-persistent (2.9.4)
    netrc (0.11.0)
    nokogiri (1.6.8)
      mini_portile2 (~> 2.1.0)
      pkg-config (~> 1.1.7)
    nokogiri (1.6.8-java)
    nom-xml (0.5.4)
      activesupport (>= 3.2.18)
      i18n
      nokogiri
    ntlm-http (0.1.1)
    om (3.0.7)
      activemodel
      activesupport
      deprecation
      mediashelf-loggable
      nokogiri (>= 1.4.2)
      solrizer (~> 3.1.0)
    orm_adapter (0.5.0)
    parser (2.3.1.2)
      ast (~> 2.2)
    pkg-config (1.1.7)
    posix-spawn (0.3.11)
    ptools (1.3.3)
    rack (1.6.4)
    rack-test (0.6.3)
      rack (>= 1.0)
    rails (4.2.0)
      actionmailer (= 4.2.0)
      actionpack (= 4.2.0)
      actionview (= 4.2.0)
      activejob (= 4.2.0)
      activemodel (= 4.2.0)
      activerecord (= 4.2.0)
      activesupport (= 4.2.0)
      bundler (>= 1.3.0, < 2.0)
      railties (= 4.2.0)
      sprockets-rails
    rails-deprecated_sanitizer (1.0.3)
      activesupport (>= 4.2.0.alpha)
    rails-dom-testing (1.0.7)
      activesupport (>= 4.2.0.beta, < 5.0)
      nokogiri (~> 1.6.0)
      rails-deprecated_sanitizer (>= 1.0.1)
    rails-html-sanitizer (1.0.3)
      loofah (~> 2.0)
    railties (4.2.0)
      actionpack (= 4.2.0)
      activesupport (= 4.2.0)
      rake (>= 0.8.7)
      thor (>= 0.18.1, < 2.0)
    rainbow (2.0.0)
    rake (11.2.2)
    rdf (1.1.1.1)
    rdf-rdfxml (1.0.1)
      rdf (>= 1.0)
      rdf-xsd (>= 1.0)
    rdf-xsd (1.1.2)
      rdf (~> 1.1)
    ref (2.0.0)
    responders (2.2.0)
      railties (>= 4.2.0, < 5.1)
    rest-client (2.0.0)
      http-cookie (>= 1.0.2, < 2.0)
      mime-types (>= 1.16, < 4.0)
      netrc (~> 0.8)
    rsolr (1.1.1)
      builder (>= 2.1.2)
    rspec-core (3.5.1)
      rspec-support (~> 3.5.0)
    rspec-expectations (3.5.0)
      diff-lcs (>= 1.2.0, < 2.0)
      rspec-support (~> 3.5.0)
    rspec-mocks (3.5.0)
      diff-lcs (>= 1.2.0, < 2.0)
      rspec-support (~> 3.5.0)
    rspec-rails (3.5.1)
      actionpack (>= 3.0)
      activesupport (>= 3.0)
      railties (>= 3.0)
      rspec-core (~> 3.5.0)
      rspec-expectations (~> 3.5.0)
      rspec-mocks (~> 3.5.0)
      rspec-support (~> 3.5.0)
    rspec-support (3.5.0)
    ruby_parser (3.8.2)
      sexp_processor (~> 4.1)
    rubydora (1.7.5)
      activemodel
      activesupport
      deprecation
      equivalent-xml
      fastercsv
      hooks (~> 0.3.0)
      mime-types
      nokogiri
      rest-client
    rubyzip (1.2.0)
    sass (3.4.22)
    sass-rails (5.0.5)
      railties (>= 4.0.0, < 6)
      sass (~> 3.1)
      sprockets (>= 2.8, < 4.0)
      sprockets-rails (>= 2.0, < 4.0)
      tilt (>= 1.1, < 3)
    sexp_processor (4.7.0)
    simplecov (0.12.0)
      docile (~> 1.1.0)
      json (>= 1.8, < 3)
      simplecov-html (~> 0.10.0)
    simplecov-html (0.10.0)
    solrizer (3.1.1)
      activesupport
      daemons
      mediashelf-loggable (~> 0.4.7)
      nokogiri
      stomp
      xml-simple
    sprockets (3.6.3)
      concurrent-ruby (~> 1.0)
      rack (> 1, < 3)
    sprockets-rails (3.1.1)
      actionpack (>= 4.0)
      activesupport (>= 4.0)
      sprockets (>= 3.0.0)
    sqlite3 (1.3.11)
    stomp (1.4.1)
    sys-uname (1.0.2)
      ffi (>= 1.0.0)
    term-ansicolor (1.3.2)
      tins (~> 1.0)
    terminal-table (1.6.0)
    therubyracer (0.12.2)
      libv8 (~> 3.16.14.0)
      ref
    thor (0.19.1)
    thread_safe (0.3.5)
    thread_safe (0.3.5-java)
    tilt (2.0.5)
    tins (1.6.0)
    twitter-typeahead-rails (0.11.1)
      actionpack (>= 3.1)
      jquery-rails
      railties (>= 3.1)
    tzinfo (1.2.2)
      thread_safe (~> 0.1)
    uber (0.0.15)
    uglifier (3.0.0)
      execjs (>= 0.3.0, < 3)
    unf (0.1.4)
      unf_ext
    unf (0.1.4-java)
    unf_ext (0.0.7.2)
    warden (1.2.6)
      rack (>= 1.0)
    webrobots (0.1.2)
    xml-simple (1.1.5)

PLATFORMS
  java
  ruby

DEPENDENCIES
  active-fedora (~> 6.7.7)
  activerecord-jdbcsqlite3-adapter
  blacklight
  blacklight_range_limit
  bootstrap-sass
  codesake-dawn
  coffee-rails
  devise
  google-analytics-rails
  jettywrapper
  jquery-rails
  jruby-openssl
  om (~> 3.0.4)
  rails (= 4.2)
  rdf
  rsolr
  rspec-rails
  sass-rails
  solrizer (= 3.1.1)
  sqlite3
  therubyracer
  uglifier

RUBY VERSION
   ruby 2.2.3p173

BUNDLED WITH
   1.12.5
