GIT
  remote: git://github.com/mediashelf/active_fedora.git
  revision: eb39dcb5a96506a34cd2228e530884816db377aa
  specs:
    active-fedora (4.0.0.rc16)
      activeresource (>= 3.0.0)
      activesupport (>= 3.0.0)
      equivalent-xml
      mediashelf-loggable
      mime-types (>= 1.16)
      multipart-post (= 1.1.2)
      nokogiri
      om (>= 1.5.3)
      rdf
      rdf-rdfxml (= 0.3.5)
      rsolr
      rubydora (~> 0.5.7)
      solrizer (~> 1.2.0)
      xml-simple (>= 1.0.12)

GIT
  remote: git://github.com/projecthydra/solrizer-fedora.git
  revision: 7ede63d49e356f1576c62d1813aa5eac38db6474
  ref: 7ede63d
  specs:
    solrizer-fedora (2.0.0.rc3)
      active-fedora (~> 4.0.0.rc15)

GEM
  remote: https://rubygems.org/
  specs:
    actionmailer (3.2.2)
      actionpack (= 3.2.2)
      mail (~> 2.4.0)
    actionpack (3.2.2)
      activemodel (= 3.2.2)
      activesupport (= 3.2.2)
      builder (~> 3.0.0)
      erubis (~> 2.7.0)
      journey (~> 1.0.1)
      rack (~> 1.4.0)
      rack-cache (~> 1.1)
      rack-test (~> 0.6.1)
      sprockets (~> 2.1.2)
    activemodel (3.2.2)
      activesupport (= 3.2.2)
      builder (~> 3.0.0)
    activerecord (3.2.2)
      activemodel (= 3.2.2)
      activesupport (= 3.2.2)
      arel (~> 3.0.2)
      tzinfo (~> 0.3.29)
    activerecord-jdbc-adapter (1.2.2)
    activerecord-jdbcsqlite3-adapter (1.2.2)
      activerecord-jdbc-adapter (~> 1.2.2)
      jdbc-sqlite3 (~> 3.7.2)
    activeresource (3.2.2)
      activemodel (= 3.2.2)
      activesupport (= 3.2.2)
    activesupport (3.2.2)
      i18n (~> 0.6)
      multi_json (~> 1.0)
    addressable (2.2.7)
    akami (1.0.0)
      gyoku (>= 0.4.0)
    arel (3.0.2)
    bcrypt-ruby (3.0.1)
    bcrypt-ruby (3.0.1-java)
    blacklight (3.2.2)
      compass (>= 0.12.alpha.2)
      kaminari
      marc (~> 0.4.3)
      nokogiri (~> 1.5)
      rails (~> 3.1)
      rsolr (~> 1.0.6)
      rsolr-ext (~> 1.0.3)
      sass-rails (~> 3.1)
      unicode
    blacklight_range_limit (1.2.0)
      blacklight (~> 3.2)
      rails (~> 3.0)
    bouncy-castle-java (1.5.0146.1)
    builder (3.0.0)
    childprocess (0.3.1)
      ffi (~> 1.0.6)
    chunky_png (1.2.5)
    coffee-rails (3.2.2)
      coffee-script (>= 2.2.0)
      railties (~> 3.2.0)
    coffee-script (2.2.0)
      coffee-script-source
      execjs
    coffee-script-source (1.2.0)
    compass (0.12.1)
      chunky_png (~> 1.2)
      fssm (>= 0.2.7)
      sass (~> 3.1)
    daemons (1.1.8)
    devise (2.0.4)
      bcrypt-ruby (~> 3.0)
      orm_adapter (~> 0.0.3)
      railties (~> 3.1)
      warden (~> 1.1.1)
    diff-lcs (1.1.3)
    equivalent-xml (0.2.9)
      nokogiri (>= 1.4.3)
    erubis (2.7.0)
    execjs (1.3.0)
      multi_json (~> 1.0)
    fastercsv (1.5.4)
    ffi (1.0.11)
    ffi (1.0.11-java)
    fssm (0.2.8.1)
    gyoku (0.4.4)
      builder (>= 2.1.2)
    hike (1.2.1)
    httpi (0.9.6)
      rack
    i18n (0.6.0)
    jdbc-sqlite3 (3.7.2)
    jettywrapper (1.2.1)
      activesupport (>= 3.0.0)
      childprocess
      i18n
      logger
      mediashelf-loggable
    journey (1.0.3)
    jquery-rails (2.0.1)
      railties (>= 3.2.0, < 5.0)
      thor (~> 0.14)
    jruby-openssl (0.7.6.1)
      bouncy-castle-java (>= 1.5.0146.1)
    json (1.6.5)
    json (1.6.5-java)
    kaminari (0.13.0)
      actionpack (>= 3.0.0)
      activesupport (>= 3.0.0)
      railties (>= 3.0.0)
    kgio (2.7.2)
    libv8 (3.3.10.4)
    logger (1.2.8)
    mail (2.4.4)
      i18n (>= 0.4.0)
      mime-types (~> 1.16)
      treetop (~> 1.4.8)
    marc (0.4.4)
    mediashelf-loggable (0.4.9)
    mime-types (1.18)
    multi_json (1.1.0)
    multipart-post (1.1.2)
    nokogiri (1.5.2)
    nokogiri (1.5.2-java)
    nori (1.1.0)
    om (1.5.3)
      mediashelf-loggable
      nokogiri (>= 1.4.2)
    orm_adapter (0.0.6)
    polyglot (0.3.3)
    rack (1.4.1)
    rack-cache (1.2)
      rack (>= 0.4)
    rack-ssl (1.3.2)
      rack
    rack-test (0.6.1)
      rack (>= 1.0)
    rails (3.2.2)
      actionmailer (= 3.2.2)
      actionpack (= 3.2.2)
      activerecord (= 3.2.2)
      activeresource (= 3.2.2)
      activesupport (= 3.2.2)
      bundler (~> 1.0)
      railties (= 3.2.2)
    railties (3.2.2)
      actionpack (= 3.2.2)
      activesupport (= 3.2.2)
      rack-ssl (~> 1.3.2)
      rake (>= 0.8.7)
      rdoc (~> 3.4)
      thor (~> 0.14.6)
    raindrops (0.8.0)
    rake (0.9.2.2)
    rdf (0.3.5.1)
      addressable (>= 2.2.6)
    rdf-rdfxml (0.3.5)
      nokogiri (>= 1.4.4)
      rdf (>= 0.3.4)
    rdoc (3.12)
      json (~> 1.4)
    rest-client (1.6.7)
      mime-types (>= 1.16)
    rsolr (1.0.7)
      builder (>= 2.1.2)
    rsolr-ext (1.0.3)
      rsolr (>= 1.0.2)
    rspec (2.8.0)
      rspec-core (~> 2.8.0)
      rspec-expectations (~> 2.8.0)
      rspec-mocks (~> 2.8.0)
    rspec-core (2.8.0)
    rspec-expectations (2.8.0)
      diff-lcs (~> 1.1.2)
    rspec-mocks (2.8.0)
    rspec-rails (2.8.1)
      actionpack (>= 3.0)
      activesupport (>= 3.0)
      railties (>= 3.0)
      rspec (~> 2.8.0)
    rubydora (0.5.7)
      activemodel
      activesupport
      fastercsv
      mime-types
      nokogiri
      rest-client
      savon
    sass (3.1.15)
    sass-rails (3.2.4)
      railties (~> 3.2.0)
      sass (>= 3.1.10)
      tilt (~> 1.3)
    savon (0.9.9)
      akami (~> 1.0)
      builder (>= 2.1.2)
      gyoku (>= 0.4.0)
      httpi (~> 0.9)
      nokogiri (>= 1.4.0)
      nori (~> 1.1)
      wasabi (~> 2.1)
    solrizer (1.2.0)
      daemons
      mediashelf-loggable (~> 0.4.7)
      nokogiri
      om (>= 1.5.0)
      stomp
      xml-simple
    sprockets (2.1.2)
      hike (~> 1.2)
      rack (~> 1.0)
      tilt (~> 1.1, != 1.3.0)
    sqlite3 (1.3.5)
    stomp (1.2.1)
    therubyracer (0.9.10)
      libv8 (~> 3.3.10)
    thor (0.14.6)
    tilt (1.3.3)
    treetop (1.4.10)
      polyglot
      polyglot (>= 0.3.1)
    tzinfo (0.3.32)
    uglifier (1.2.3)
      execjs (>= 0.3.0)
      multi_json (>= 1.0.2)
    unicode (0.4.2)
    unicorn (4.2.0)
      kgio (~> 2.6)
      rack
      raindrops (~> 0.7)
    warden (1.1.1)
      rack (>= 1.0)
    wasabi (2.1.0)
      nokogiri (>= 1.4.0)
    xml-simple (1.1.1)

PLATFORMS
  java
  ruby

DEPENDENCIES
  active-fedora!
  activerecord-jdbcsqlite3-adapter
  blacklight
  blacklight_range_limit
  coffee-rails (~> 3.2.1)
  devise
  jettywrapper
  jquery-rails
  jruby-openssl
  rails (= 3.2.2)
  rspec-rails
  sass-rails (~> 3.2.3)
  solrizer-fedora!
  sqlite3
  therubyracer
  uglifier (>= 1.0.3)
  unicorn
